PATH
  remote: nl
  specs:
    nl (0.1.0)

PATH
  remote: ynl
  specs:
    ynl (0.1.0)
      nl (= 0.1.0)
      yaml

GEM
  remote: https://rubygems.org/
  specs:
    diff-lcs (1.5.1)
    rake (13.1.0)
    rspec (3.12.0)
      rspec-core (~> 3.12.0)
      rspec-expectations (~> 3.12.0)
      rspec-mocks (~> 3.12.0)
    rspec-core (3.12.2)
      rspec-support (~> 3.12.0)
    rspec-expectations (3.12.3)
      diff-lcs (>= 1.2.0, < 2.0)
      rspec-support (~> 3.12.0)
    rspec-mocks (3.12.6)
      diff-lcs (>= 1.2.0, < 2.0)
      rspec-support (~> 3.12.0)
    rspec-support (3.12.1)
    yaml (0.4.0)

PLATFORMS
  ruby

DEPENDENCIES
  nl!
  rake (~> 13.0)
  rspec (~> 3.0)
  ynl!

BUNDLED WITH
   2.5.9
